GEM
  remote: http://rubygems.org/
  specs:
    actionmailer (2.3.11)
      actionpack (= 2.3.11)
    actionpack (2.3.11)
      activesupport (= 2.3.11)
      rack (~> 1.1.0)
    activerecord (2.3.11)
      activesupport (= 2.3.11)
    activeresource (2.3.11)
      activesupport (= 2.3.11)
    activesupport (2.3.11)
    curb (0.8.0)
    diff-lcs (1.1.3)
    htmlentities (4.3.1)
    json (1.6.5)
    mysql (2.8.1)
    oniguruma (1.1.0)
    rack (1.1.2)
    rails (2.3.11)
      actionmailer (= 2.3.11)
      actionpack (= 2.3.11)
      activerecord (= 2.3.11)
      activeresource (= 2.3.11)
      activesupport (= 2.3.11)
      rake (>= 0.8.3)
    rake (0.9.2.2)
    rdoc (3.11)
      json (~> 1.4)
    sqlite3 (1.3.6)
    web-page-parser (0.25)
      htmlentities (>= 4.0.0)
      oniguruma (>= 1.1.0)
    xapian-fu (1.3.2)

PLATFORMS
  ruby

DEPENDENCIES
  curb (= 0.8.0)
  diff-lcs (= 1.1.3)
  mysql
  rack
  rails (= 2.3.11)
  rdoc
  sqlite3
  web-page-parser (= 0.25)
  xapian-fu (= 1.3.2)
